GIT
  remote: git://github.com/cyplo/mtgox.git
  revision: bf500ceb8c84dc159b97b65112c69c73a8ac50fa
  specs:
    mtgox (0.8.6)
      faraday (~> 0.8)
      faraday_middleware (~> 0.8)
      multi_json (~> 1.3)

GEM
  remote: http://rubygems.org/
  specs:
    archive-tar-minitar (0.5.2)
    awesome_print (1.1.0)
    columnize (0.3.6)
    faraday (0.8.4)
      multipart-post (~> 1.1)
    faraday_middleware (0.9.0)
      faraday (>= 0.7.4, < 0.9)
    linecache19 (0.5.12)
      ruby_core_source (>= 0.1.4)
    multi_json (1.5.0)
    multipart-post (1.1.5)
    ruby-debug-base19 (0.11.25)
      columnize (>= 0.3.1)
      linecache19 (>= 0.5.11)
      ruby_core_source (>= 0.1.4)
    ruby-debug19 (0.11.6)
      columnize (>= 0.3.1)
      linecache19 (>= 0.5.11)
      ruby-debug-base19 (>= 0.11.19)
    ruby-hmac (0.4.0)
    ruby_core_source (0.1.5)
      archive-tar-minitar (>= 0.5.2)
    svg-graph19 (0.6.6)

PLATFORMS
  ruby

DEPENDENCIES
  awesome_print
  mtgox!
  ruby-debug19
  ruby-hmac
  svg-graph19
