GIT
  remote: git://github.com/GutenYe/mtgox.git
  revision: b083423d7e37c7f5480e70318d14a8977445cbea
  specs:
    guten-mtgox (0.8.0)
      faraday (~> 0.7)
      faraday_middleware (~> 0.8)
      multi_json (~> 1.0)
      pd
      tagen

GEM
  remote: http://rubygems.org/
  specs:
    activesupport (3.1.4)
      multi_json (~> 1.0)
    archive-tar-minitar (0.5.2)
    awesome_print (1.0.2)
    columnize (0.3.6)
    faraday (0.8.1)
      multipart-post (~> 1.1)
    faraday_middleware (0.8.8)
      faraday (>= 0.7.4, < 0.9)
    i18n (0.6.0)
    linecache19 (0.5.12)
      ruby_core_source (>= 0.1.4)
    multi_json (1.3.6)
    multipart-post (1.1.5)
    pd (1.0.5)
      awesome_print
    ruby-debug-base19 (0.11.25)
      columnize (>= 0.3.1)
      linecache19 (>= 0.5.11)
      ruby_core_source (>= 0.1.4)
    ruby-debug19 (0.11.6)
      columnize (>= 0.3.1)
      linecache19 (>= 0.5.11)
      ruby-debug-base19 (>= 0.11.19)
    ruby_core_source (0.1.5)
      archive-tar-minitar (>= 0.5.2)
    svg-graph19 (0.6.6)
    tagen (1.1.7)
      activesupport (~> 3.1.0)
      i18n
      pd

PLATFORMS
  ruby

DEPENDENCIES
  guten-mtgox!
  ruby-debug19
  svg-graph19
